PATH
  remote: .
  specs:
    ruby-mp3info (0.8.10)

GEM
  remote: https://rubygems.org/
  specs:
    hoe (3.26.0)
      rake (>= 0.8, < 15.0)
    json (1.8.6)
    minitest (5.4.3)
    rake (13.0.6)
    rdoc (3.12.2)
      json (~> 1.4)

PLATFORMS
  arm64-darwin-21

DEPENDENCIES
  hoe (~> 3)
  minitest (~> 5.4.1)
  rdoc (~> 3.10)
  ruby-mp3info!

BUNDLED WITH
   2.2.32
